GEM
  remote: https://www.rubygems.org/
  specs:
    aws-sdk (2.0.34)
      aws-sdk-resources (= 2.0.34)
    aws-sdk-core (2.0.34)
      builder (~> 3.0)
      jmespath (~> 1.0)
      multi_json (~> 1.0)
    aws-sdk-resources (2.0.34)
      aws-sdk-core (= 2.0.34)
    builder (3.2.2)
    diff-lcs (1.2.5)
    given_core (3.7.0)
      sorcerer (>= 0.3.7)
    jmespath (1.0.2)
      multi_json (~> 1.0)
    multi_json (1.11.0)
    rspec (3.2.0)
      rspec-core (~> 3.2.0)
      rspec-expectations (~> 3.2.0)
      rspec-mocks (~> 3.2.0)
    rspec-core (3.2.2)
      rspec-support (~> 3.2.0)
    rspec-expectations (3.2.0)
      diff-lcs (>= 1.2.0, < 2.0)
      rspec-support (~> 3.2.0)
    rspec-given (3.7.0)
      given_core (= 3.7.0)
      rspec (>= 2.14.0)
    rspec-mocks (3.2.1)
      diff-lcs (>= 1.2.0, < 2.0)
      rspec-support (~> 3.2.0)
    rspec-support (3.2.2)
    sorcerer (1.0.2)

PLATFORMS
  ruby

DEPENDENCIES
  aws-sdk (~> 2.0)
  rspec (~> 3.2)
  rspec-given (~> 3.7)
